GIT
  remote: https://github.com/realtradam/yard-mruby
  revision: 94f47886ba4ebde211de66583816cb9b3ff1747b
  branch: method-fix
  specs:
    yard-mruby (0.3.0)
      yard (~> 0.9.0)

GEM
  remote: https://rubygems.org/
  specs:
    webrick (1.7.0)
    yard (0.9.27)
      webrick (~> 1.7.0)

PLATFORMS
  x86_64-linux

DEPENDENCIES
  yard (~> 0.9.27)
  yard-mruby (~> 0.3.0)!

BUNDLED WITH
   2.3.6
