GEM
  remote: https://rubygems.org/
  specs:
    webrick (1.7.0)
    yard (0.9.27)
      webrick (~> 1.7.0)

PLATFORMS
  x86_64-linux

DEPENDENCIES
  yard (~> 0.9.27)

BUNDLED WITH
   2.3.6
